GIT
  remote: git://github.com/openteam/capistrano-db-tasks
  revision: b6b81df2d6965c456e8ca4cf3aa325c95a542b36
  specs:
    capistrano-db-tasks (0.2)

GIT
  remote: git://github.com/sosedoff/capistrano-unicorn
  revision: 52376ad3d1fb20c21b7d79806bcf79fb91c78471
  specs:
    capistrano-unicorn (0.1.9)
      capistrano

GEM
  remote: https://rubygems.org/
  specs:
    Ascii85 (1.0.2)
    actionmailer (3.2.13)
      actionpack (= 3.2.13)
      mail (~> 2.5.3)
    actionpack (3.2.13)
      activemodel (= 3.2.13)
      activesupport (= 3.2.13)
      builder (~> 3.0.0)
      erubis (~> 2.7.0)
      journey (~> 1.0.4)
      rack (~> 1.4.5)
      rack-cache (~> 1.2)
      rack-test (~> 0.6.1)
      sprockets (~> 2.2.1)
    active_attr (0.7.0)
      activemodel (>= 3.0.2, < 4.1)
      activesupport (>= 3.0.2, < 4.1)
    activemodel (3.2.13)
      activesupport (= 3.2.13)
      builder (~> 3.0.0)
    activerecord (3.2.13)
      activemodel (= 3.2.13)
      activesupport (= 3.2.13)
      arel (~> 3.0.2)
      tzinfo (~> 0.3.29)
    activeresource (3.2.13)
      activemodel (= 3.2.13)
      activesupport (= 3.2.13)
    activesupport (3.2.13)
      i18n (= 0.6.1)
      multi_json (~> 1.0)
    addressable (2.3.5)
    afm (0.2.0)
    airbrake (3.1.12)
      activesupport
      builder
      json
    arel (3.0.2)
    attribute_normalizer (1.1.0)
    axiom-types (0.1.1)
      descendants_tracker (~> 0.0.4)
      ice_nine (~> 0.11.0)
      thread_safe (~> 0.3, >= 0.3.1)
    bcrypt-ruby (3.0.1)
    brakeman (2.0.0)
      erubis (~> 2.6)
      fastercsv (~> 1.5)
      haml (>= 3.0, < 5.0)
      highline (~> 1.6.19)
      multi_json (~> 1.2)
      ruby2ruby (~> 2.0.5)
      ruby_parser (~> 3.1.1)
      sass (~> 3.0)
      slim (~> 1.3.6)
      terminal-table (~> 1.4)
    builder (3.0.4)
    capistrano (2.15.5)
      highline
      net-scp (>= 1.0.0)
      net-sftp (>= 2.0.0)
      net-ssh (>= 2.0.14)
      net-ssh-gateway (>= 1.1.0)
    capistrano-ext (1.2.1)
      capistrano (>= 1.0.0)
    choice (0.1.6)
    chronic (0.9.1)
    chunky_png (1.2.8)
    climate_control (0.0.3)
      activesupport (>= 3.0)
    cocaine (0.5.1)
      climate_control (>= 0.0.3, < 1.0)
    coderay (1.1.0)
    coercible (1.0.0)
      descendants_tracker (~> 0.0.1)
    coffee-rails (3.2.2)
      coffee-script (>= 2.2.0)
      railties (~> 3.2.0)
    coffee-script (2.2.0)
      coffee-script-source
      execjs
    coffee-script-source (1.6.2)
    compass (0.12.2)
      chunky_png (~> 1.2)
      fssm (>= 0.2.7)
      sass (~> 3.1)
    compass-rails (1.0.3)
      compass (>= 0.12.2, < 0.14)
    configliere (0.4.18)
      highline (>= 1.5.2)
      multi_json (>= 1.1)
    daemons (1.1.9)
    delayed_job (3.0.5)
      activesupport (~> 3.0)
    delayed_job_active_record (0.4.4)
      activerecord (>= 2.1.0, < 4)
      delayed_job (~> 3.0)
    descendants_tracker (0.0.4)
      thread_safe (~> 0.3, >= 0.3.1)
    devise (2.2.4)
      bcrypt-ruby (~> 3.0)
      orm_adapter (~> 0.1)
      railties (~> 3.1)
      warden (~> 1.2.1)
    devise-async (0.7.0)
      devise (>= 2.2)
    diff-lcs (1.1.3)
    enumerize (0.6.1)
      activesupport (>= 3.2)
    equalizer (0.0.9)
    erubis (2.7.0)
    execjs (1.4.0)
      multi_json (~> 1.0)
    fabrication (2.7.2)
    fastercsv (1.5.5)
    fattr (2.2.1)
    fssm (0.2.10)
    grape (0.2.6)
      activesupport
      builder
      hashie (~> 1.2)
      multi_json (>= 1.3.2)
      multi_xml (>= 0.5.2)
      rack
      rack-accept
      rack-mount
      virtus
    haml (4.0.3)
      tilt
    has_scope (0.5.1)
    hashery (2.1.0)
    hashie (1.2.0)
    highline (1.6.19)
    hike (1.2.3)
    hirb (0.7.1)
    i18n (0.6.1)
    ice_nine (0.11.1)
    inherited_resources (1.4.0)
      has_scope (~> 0.5.0)
      responders (~> 0.9)
    journey (1.0.4)
    jquery-rails (3.0.1)
      railties (>= 3.0, < 5.0)
      thor (>= 0.14, < 2.0)
    jquery-ui-rails (4.0.3)
      jquery-rails
      railties (>= 3.1.0)
    json (1.8.0)
    kaminari (0.14.1)
      actionpack (>= 3.0.0)
      activesupport (>= 3.0.0)
    kgio (2.8.0)
    launchy (2.3.0)
      addressable (~> 2.3)
    letter_opener (1.1.2)
      launchy (~> 2.2)
    mail (2.5.4)
      mime-types (~> 1.16)
      treetop (~> 1.4.8)
    method_source (0.8.2)
    mime-types (1.23)
    mini_portile (0.6.2)
    multi_json (1.7.7)
    multi_xml (0.5.3)
    nested_form (0.3.2)
    net-scp (1.1.2)
      net-ssh (>= 2.6.5)
    net-sftp (2.1.2)
      net-ssh (>= 2.6.5)
    net-ssh (2.6.8)
    net-ssh-gateway (1.2.0)
      net-ssh (>= 2.6.5)
    nokogiri (1.6.5)
      mini_portile (~> 0.6.0)
    openteam-capistrano (0.0.13)
      capistrano-db-tasks
      capistrano-ext
      capistrano-unicorn
      rvm-capistrano
    openteam-commons (0.2.3)
      airbrake
      configliere
      rails
      unicorn
      whenever
    options (2.3.0)
      fattr
    orm_adapter (0.4.0)
    paperclip (3.4.2)
      activemodel (>= 3.0.0)
      activerecord (>= 3.0.0)
      activesupport (>= 3.0.0)
      cocaine (~> 0.5.0)
      mime-types
    pdf-reader (1.3.3)
      Ascii85 (~> 1.0.0)
      afm (~> 0.2.0)
      hashery (~> 2.0)
      ruby-rc4
      ttfunk
    pg (0.15.1)
    polyglot (0.3.3)
    pr_geohash (1.0.0)
    prawn (1.0.0.rc2)
      afm
      pdf-reader (>= 0.9.0, < 2.0)
      ruby-rc4
      ttfunk (~> 1.0.3)
    progress_bar (0.4.0)
      highline (~> 1.6.1)
      options (~> 2.3.0)
    pry (0.9.12.4)
      coderay (~> 1.0)
      method_source (~> 0.8)
      slop (~> 3.4)
    rack (1.4.5)
    rack-accept (0.4.5)
      rack (>= 0.4)
    rack-cache (1.2)
      rack (>= 0.4)
    rack-mount (0.8.3)
      rack (>= 1.0.0)
    rack-ssl (1.3.3)
      rack
    rack-test (0.6.2)
      rack (>= 1.0)
    rails (3.2.13)
      actionmailer (= 3.2.13)
      actionpack (= 3.2.13)
      activerecord (= 3.2.13)
      activeresource (= 3.2.13)
      activesupport (= 3.2.13)
      bundler (~> 1.0)
      railties (= 3.2.13)
    rails-erd (1.1.0)
      activerecord (>= 3.0)
      activesupport (>= 3.0)
      choice (~> 0.1.6)
      ruby-graphviz (~> 1.0.4)
    railties (3.2.13)
      actionpack (= 3.2.13)
      activesupport (= 3.2.13)
      rack-ssl (~> 1.3.2)
      rake (>= 0.8.7)
      rdoc (~> 3.4)
      thor (>= 0.14.6, < 2.0)
    raindrops (0.11.0)
    rake (10.1.0)
    rdoc (3.12.2)
      json (~> 1.4)
    responders (0.9.3)
      railties (~> 3.1)
    ri_cal (0.8.8)
    rsolr (1.0.10)
      builder (>= 2.1.2)
    rspec (2.5.0)
      rspec-core (~> 2.5.0)
      rspec-expectations (~> 2.5.0)
      rspec-mocks (~> 2.5.0)
    rspec-core (2.5.1)
    rspec-expectations (2.5.0)
      diff-lcs (~> 1.1.2)
    rspec-mocks (2.5.0)
    rspec-rails (2.5.0)
      actionpack (~> 3.0)
      activesupport (~> 3.0)
      railties (~> 3.0)
      rspec (~> 2.5.0)
    ruby-graphviz (1.0.9)
    ruby-rc4 (0.1.5)
    ruby2ruby (2.0.6)
      ruby_parser (~> 3.1)
      sexp_processor (~> 4.0)
    ruby_parser (3.1.3)
      sexp_processor (~> 4.1)
    russian (0.6.0)
      i18n (>= 0.5.0)
    rvm-capistrano (1.4.0)
      capistrano (>= 2.0.0)
    sass (3.2.9)
    sass-rails (3.2.6)
      railties (~> 3.2.0)
      sass (>= 3.1.10)
      tilt (~> 1.3)
    sexp_processor (4.2.1)
    simple-navigation (3.11.0)
      activesupport (>= 2.3.2)
    simple_form (2.1.0)
      actionpack (~> 3.0)
      activemodel (~> 3.0)
    slim (1.3.9)
      temple (~> 0.6.3)
      tilt (~> 1.3, >= 1.3.3)
    slop (3.4.7)
    sprockets (2.2.2)
      hike (~> 1.2)
      multi_json (~> 1.0)
      rack (~> 1.0)
      tilt (~> 1.1, != 1.3.0)
    sqlite3 (1.3.7)
    state_machine (1.1.2)
    sunspot (2.1.1)
      pr_geohash (~> 1.0)
      rsolr (~> 1.0.7)
    sunspot_rails (2.1.1)
      nokogiri
      rails (>= 3)
      sunspot (= 2.1.1)
    sunspot_solr (2.0.0)
    temple (0.6.5)
    terminal-table (1.4.5)
    thor (0.18.1)
    thread_safe (0.3.4)
    tilt (1.4.1)
    treetop (1.4.14)
      polyglot
      polyglot (>= 0.3.1)
    ttfunk (1.0.3)
    tzinfo (0.3.37)
    uglifier (2.1.1)
      execjs (>= 0.3.0)
      multi_json (~> 1.0, >= 1.0.2)
    unicorn (4.6.3)
      kgio (~> 2.6)
      rack
      raindrops (~> 0.7)
    user_impersonate2 (0.9.1)
      rails (>= 3.2.0)
    virtus (1.0.4)
      axiom-types (~> 0.1)
      coercible (~> 1.0)
      descendants_tracker (~> 0.0, >= 0.0.3)
      equalizer (~> 0.0, >= 0.0.9)
    warden (1.2.1)
      rack (>= 1.0)
    whenever (0.8.2)
      activesupport (>= 2.3.4)
      chronic (>= 0.6.3)

PLATFORMS
  ruby

DEPENDENCIES
  active_attr
  attribute_normalizer
  brakeman
  capistrano-db-tasks!
  capistrano-unicorn!
  coffee-rails
  compass-rails
  daemons
  delayed_job_active_record
  devise (~> 2.2)
  devise-async
  enumerize
  execjs
  fabrication
  grape
  has_scope
  hirb
  inherited_resources
  jquery-rails
  jquery-ui-rails
  kaminari
  letter_opener
  nested_form
  openteam-capistrano
  openteam-commons
  paperclip
  pg
  prawn (= 1.0.0.rc2)
  progress_bar
  pry
  rails (~> 3.2)
  rails-erd
  ri_cal
  rspec-rails
  russian
  sass-rails
  simple-navigation
  simple_form
  sqlite3
  state_machine
  sunspot_rails (~> 2.1.1)
  sunspot_solr
  uglifier
  unicorn
  user_impersonate2
